GIT
  remote: git://github.com/refinery/refinerycms-portfolio.git
  revision: 5c528cfe2ebff8cae4b018c70b74dcc9e6674ac6
  branch: 2-0-stable
  specs:
    refinerycms-portfolio (2.0.0)
      awesome_nested_set (~> 2.1.0)
      refinerycms-core (~> 2.0.0)

PATH
  remote: vendor/extensions
  specs:
    refinerycms-aircrafts (1.0)
      refinerycms-core (~> 2.0.3)
    refinerycms-airlines (1.0)
      refinerycms-core (~> 2.0.3)
    refinerycms-articles (1.0)
      refinerycms-core (~> 2.0.3)
    refinerycms-businesses (1.0)
      refinerycms-core (~> 2.0.3)
    refinerycms-carts (1.0)
      refinerycms-core (~> 2.0.3)
    refinerycms-customer_files (1.0)
      refinerycms-core (~> 2.0.3)
    refinerycms-customers (1.0)
      refinerycms-core (~> 2.0.3)
    refinerycms-employers (1.0)
      refinerycms-core (~> 2.0.3)
    refinerycms-faqs (1.0)
      refinerycms-core (~> 2.0.3)
    refinerycms-invoices (1.0)
      refinerycms-core (~> 2.0.3)
    refinerycms-jobs (1.0)
      refinerycms-core (~> 2.0.3)
    refinerycms-languages (1.0)
      refinerycms-core (~> 2.0.3)
    refinerycms-messages (1.0)
      refinerycms-core (~> 2.0.3)
    refinerycms-notifications (1.0)
      refinerycms-core (~> 2.0.3)
    refinerycms-orders (1.0)
      refinerycms-core (~> 2.0.3)
    refinerycms-plans (1.0)
      refinerycms-core (~> 2.0.3)
    refinerycms-products (1.0)
      refinerycms-core (~> 2.0.3)
    refinerycms-route_experiences (1.0)
      refinerycms-core (~> 2.0.3)
    refinerycms-subscriptions (1.0)
      refinerycms-core (~> 2.0.3)

GEM
  remote: http://rubygems.org/
  specs:
    actionmailer (3.2.13)
      actionpack (= 3.2.13)
      mail (~> 2.5.3)
    actionpack (3.2.13)
      activemodel (= 3.2.13)
      activesupport (= 3.2.13)
      builder (~> 3.0.0)
      erubis (~> 2.7.0)
      journey (~> 1.0.4)
      rack (~> 1.4.5)
      rack-cache (~> 1.2)
      rack-test (~> 0.6.1)
      sprockets (~> 2.2.1)
    activemodel (3.2.13)
      activesupport (= 3.2.13)
      builder (~> 3.0.0)
    activerecord (3.2.13)
      activemodel (= 3.2.13)
      activesupport (= 3.2.13)
      arel (~> 3.0.2)
      tzinfo (~> 0.3.29)
    activeresource (3.2.13)
      activemodel (= 3.2.13)
      activesupport (= 3.2.13)
    activesupport (3.2.13)
      i18n (= 0.6.1)
      multi_json (~> 1.0)
    acts-as-taggable-on (3.0.1)
      rails (>= 3, < 5)
    acts_as_indexed (0.7.8)
    airbrake (3.1.17)
      builder
      multi_json
    arel (3.0.3)
    awesome_nested_set (2.1.6)
      activerecord (>= 3.0.0)
    babosa (0.3.11)
    bcrypt-ruby (3.0.1)
    better_errors (1.1.0)
      coderay (>= 1.0.0)
      erubis (>= 2.6.6)
    binding_of_caller (0.8.0)
      debug_inspector (>= 0.0.1)
    bootstrap-datepicker-rails (1.3.0.2)
      railties (>= 3.0)
    builder (3.0.4)
    callsite (0.0.11)
    coderay (1.1.2)
    coffee-rails (3.2.2)
      coffee-script (>= 2.2.0)
      railties (~> 3.2.0)
    coffee-script (2.4.1)
      coffee-script-source
      execjs
    coffee-script-source (1.12.2)
    commands (0.2.1)
      rails (>= 3.2.0)
    countries (1.2.5)
      currencies (~> 0.4.2)
      i18n_data (~> 0.7.0)
    country_select (2.5.2)
      countries (~> 1.2.0)
      sort_alphabetical (~> 1.0)
    credit_card_validations (3.4.0)
      activemodel (>= 3, <= 6)
      activesupport (>= 3, <= 6)
    currencies (0.4.2)
    debug_inspector (0.0.3)
    devise (2.0.6)
      bcrypt-ruby (~> 3.0)
      orm_adapter (~> 0.0.3)
      railties (~> 3.1)
      warden (~> 1.1.1)
    dragonfly (0.9.12)
      rack
    erubis (2.7.0)
    eu_central_bank (0.3.7)
      money (>= 5.0.0)
      nokogiri
    excon (0.6.6)
    execjs (2.7.0)
    faraday (0.12.2)
      multipart-post (>= 1.2, < 3)
    filters_spam (0.5)
    fog (0.8.2)
      builder
      excon (~> 0.6.1)
      formatador (>= 0.1.3)
      json
      mime-types
      net-ssh (>= 2.1.3)
      nokogiri (>= 1.4.4)
      ruby-hmac
    formatador (0.2.5)
    friendly_id (4.0.10.1)
      activerecord (>= 3.0, < 4.0)
    globalize3 (0.2.0)
      activemodel (>= 3.0.0)
      activerecord (>= 3.0.0)
      paper_trail (~> 2)
    hashie (3.5.7)
    hike (1.2.3)
    i18n (0.6.1)
    i18n_data (0.7.0)
    intl-tel-input-rails (11.0.14)
      railties (>= 3.1)
      sass-rails
    jbuilder (2.6.4)
      activesupport (>= 3.0.0)
      multi_json (>= 1.2)
    journey (1.0.4)
    jquery-colorbox-rails (0.1.4)
      railties (>= 3.1)
    jquery-rails (2.0.3)
      railties (>= 3.1.0, < 5.0)
      thor (~> 0.14)
    json (1.8.1)
    jwt (1.5.2)
    mail (2.5.5)
      mime-types (~> 1.16)
      treetop (~> 1.4.8)
    meta_request (0.5.0)
      callsite (~> 0.0, >= 0.0.11)
      rack-contrib (>= 1.1, < 3)
      railties (>= 3.0.0, < 6)
    mime-types (1.25.1)
    mini_portile2 (2.1.0)
    money (5.1.1)
      i18n (~> 0.6.0)
    multi_json (1.13.1)
    multi_xml (0.6.0)
    multipart-post (2.0.0)
    nested_form (0.3.2)
    net-ssh (2.9.2)
    newrelic_rpm (3.18.1.330)
    nokogiri (1.6.8.1)
      mini_portile2 (~> 2.1.0)
    oauth2 (1.4.0)
      faraday (>= 0.8, < 0.13)
      jwt (~> 1.0)
      multi_json (~> 1.3)
      multi_xml (~> 0.5)
      rack (>= 1.2, < 3)
    omniauth (1.4.2)
      hashie (>= 1.2, < 4)
      rack (>= 1.0, < 3)
    omniauth-facebook (4.0.0)
      omniauth-oauth2 (~> 1.2)
    omniauth-linkedin-oauth2 (0.2.5)
      omniauth (~> 1.0)
      omniauth-oauth2
    omniauth-oauth2 (1.4.0)
      oauth2 (~> 1.0)
      omniauth (~> 1.2)
    orm_adapter (0.0.7)
    paper_trail (2.7.2)
      activerecord (~> 3.0)
      railties (~> 3.0)
    pg (0.17.1)
    polyglot (0.3.5)
    puma (3.11.2)
    rack (1.4.7)
    rack-cache (1.2)
      rack (>= 0.4)
    rack-contrib (1.8.0)
      rack (~> 1.4)
    rack-cors (1.0.1)
    rack-ssl (1.3.4)
      rack
    rack-test (0.6.3)
      rack (>= 1.0)
    rails (3.2.13)
      actionmailer (= 3.2.13)
      actionpack (= 3.2.13)
      activerecord (= 3.2.13)
      activeresource (= 3.2.13)
      activesupport (= 3.2.13)
      bundler (~> 1.0)
      railties (= 3.2.13)
    rails-footnotes (4.1.8)
      rails (>= 3.2)
    rails_autolink (1.1.4)
      rails (> 3.1)
    railties (3.2.13)
      actionpack (= 3.2.13)
      activesupport (= 3.2.13)
      rack-ssl (~> 1.3.2)
      rake (>= 0.8.7)
      rdoc (~> 3.4)
      thor (>= 0.14.6, < 2.0)
    rake (12.1.0)
    rdoc (3.12.2)
      json (~> 1.4)
    refinerycms (2.0.3)
      bundler (~> 1.0)
      refinerycms-authentication (= 2.0.3)
      refinerycms-core (= 2.0.3)
      refinerycms-dashboard (= 2.0.3)
      refinerycms-images (= 2.0.3)
      refinerycms-pages (= 2.0.3)
      refinerycms-resources (= 2.0.3)
    refinerycms-authentication (2.0.3)
      devise (~> 2.0.0)
      orm_adapter (~> 0.0.7)
      refinerycms-core (= 2.0.3)
    refinerycms-blog (2.0.5)
      acts-as-taggable-on
      filters_spam (~> 0.2)
      rails_autolink
      refinerycms-core (~> 2.0.3)
      refinerycms-settings (~> 2.0.1)
      seo_meta (~> 1.3.0)
    refinerycms-copywriting (2.0.2)
    refinerycms-core (2.0.3)
      acts_as_indexed (~> 0.7.7)
      awesome_nested_set (~> 2.1.0)
      coffee-rails (~> 3.2.1)
      friendly_id (~> 4.0.1)
      globalize3 (~> 0.2.0)
      jquery-rails (~> 2.0.0)
      rails (>= 3.1.3, < 3.3)
      sass-rails (~> 3.2.3)
      truncate_html (~> 0.5)
      uglifier (>= 1.0.3)
      will_paginate (~> 3.0.2)
    refinerycms-dashboard (2.0.3)
      refinerycms-core (= 2.0.3)
    refinerycms-i18n (2.0.2)
      refinerycms-core (~> 2.0.0)
      routing-filter (>= 0.2.3)
    refinerycms-images (2.0.3)
      dragonfly (~> 0.9.8)
      rack-cache (>= 0.5.3)
      refinerycms-core (= 2.0.3)
    refinerycms-inquiries (2.0.3)
      filters_spam (~> 0.2)
      refinerycms-core (~> 2.0.1)
      refinerycms-settings (~> 2.0.1)
    refinerycms-page_seeder (0.0.1)
      refinerycms-pages (~> 2.0.0)
    refinerycms-pages (2.0.3)
      awesome_nested_set (~> 2.1.0)
      babosa (!= 0.3.6)
      refinerycms-core (= 2.0.3)
      seo_meta (~> 1.3.0)
    refinerycms-pc_banners (2.0.2)
      refinerycms-pages (~> 2.0.1)
    refinerycms-pods (2.1.1)
      refinerycms-core (~> 2.0.1)
      simple_form (~> 2.0.2)
    refinerycms-resources (2.0.3)
      dragonfly (~> 0.9.8)
      rack-cache (>= 0.5.3)
      refinerycms-core (= 2.0.3)
    refinerycms-settings (2.0.1)
      refinerycms-core (~> 2.0.1)
    refinerycms-videos (2.0.1)
      refinerycms-core (~> 2.0.1)
    roo (1.13.2)
      nokogiri
      rubyzip
      spreadsheet (> 0.6.4)
    routing-filter (0.4.0.1)
      actionpack (< 4.2)
    ruby-hmac (0.4.0)
    ruby-ole (1.2.12.1)
    rubyzip (1.2.1)
    sass (3.4.24)
    sass-rails (3.2.6)
      railties (~> 3.2.0)
      sass (>= 3.1.10)
      tilt (~> 1.3)
    scout_apm (2.4.8)
    seed-fu (2.2.0)
      activerecord (~> 3.1)
      activesupport (~> 3.1)
    seo_meta (1.3.0)
      railties (>= 3.0.0)
    simple_form (2.0.4)
      actionpack (~> 3.0)
      activemodel (~> 3.0)
    sort_alphabetical (1.0.2)
      unicode_utils (>= 1.2.2)
    spreadsheet (1.1.5)
      ruby-ole (>= 1.0)
    sprockets (2.2.3)
      hike (~> 1.2)
      multi_json (~> 1.0)
      rack (~> 1.0)
      tilt (~> 1.1, != 1.3.0)
    thor (0.20.0)
    tilt (1.4.1)
    treetop (1.4.15)
      polyglot
      polyglot (>= 0.3.1)
    truncate_html (0.9.3)
    tzinfo (0.3.53)
    uglifier (3.0.4)
      execjs (>= 0.3.0, < 3)
    unicode_utils (1.4.0)
    warden (1.1.1)
      rack (>= 1.0)
    wicked_pdf (1.1.0)
    will_paginate (3.0.12)
    wkhtmltopdf-binary (0.12.3.1)

PLATFORMS
  ruby

DEPENDENCIES
  acts-as-taggable-on (= 3.0.1)
  airbrake (~> 3.1.6)
  babosa (= 0.3.11)
  bcrypt-ruby (= 3.0.1)
  better_errors (= 1.1.0)
  binding_of_caller
  bootstrap-datepicker-rails (= 1.3.0.2)
  coffee-rails (~> 3.2.1)
  commands
  country_select
  credit_card_validations
  dragonfly (= 0.9.12)
  eu_central_bank
  fog (~> 0.8.1)
  i18n (= 0.6.1)
  intl-tel-input-rails
  jbuilder
  jquery-colorbox-rails (= 0.1.4)
  jquery-rails (~> 2.0.0)
  json (= 1.8.1)
  jwt (= 1.5.2)
  meta_request
  money (= 5.1.1)
  nested_form
  net-ssh (= 2.9.2)
  newrelic_rpm (= 3.18.1.330)
  nokogiri (= 1.6.8.1)
  omniauth-facebook
  omniauth-linkedin-oauth2
  omniauth-oauth2 (= 1.4)
  pg (= 0.17.1)
  puma
  rack-cache (= 1.2)
  rack-cors (= 1.0.1)
  rails (= 3.2.13)
  rails-footnotes
  rails_autolink (= 1.1.4)
  rake (= 12.1.0)
  refinerycms (= 2.0.3)
  refinerycms-aircrafts!
  refinerycms-airlines!
  refinerycms-articles!
  refinerycms-blog (~> 2.0.0)
  refinerycms-businesses!
  refinerycms-carts!
  refinerycms-copywriting (= 2.0.2)
  refinerycms-core (= 2.0.3)
  refinerycms-customer_files!
  refinerycms-customers!
  refinerycms-employers!
  refinerycms-faqs!
  refinerycms-i18n (~> 2.0.0)
  refinerycms-inquiries (~> 2.0.0)
  refinerycms-invoices!
  refinerycms-jobs!
  refinerycms-languages!
  refinerycms-messages!
  refinerycms-notifications!
  refinerycms-orders!
  refinerycms-page_seeder (~> 0.0.1)
  refinerycms-pc_banners (~> 2.0.2)
  refinerycms-plans!
  refinerycms-pods (~> 2.1.0)
  refinerycms-portfolio!
  refinerycms-products!
  refinerycms-route_experiences!
  refinerycms-settings (= 2.0.1)
  refinerycms-subscriptions!
  refinerycms-videos (~> 2.0.1)
  roo (~> 1.13.2)
  sass (= 3.4.24)
  sass-rails (~> 3.2.3)
  scout_apm
  seed-fu (~> 2.2.0)
  simple_form (~> 2.0.2)
  sort_alphabetical (= 1.0.2)
  uglifier (= 3.0.4)
  wicked_pdf
  wkhtmltopdf-binary

RUBY VERSION
   ruby 1.9.3p551

BUNDLED WITH
   1.15.3
